GEM
  remote: http://rubygems.org/
  specs:
    buby (1.3.1-java)

PLATFORMS
  java

DEPENDENCIES
  buby
